GEM
  remote: http://rubygems.org/
  specs:
    activemodel (3.2.7)
      activesupport (= 3.2.7)
      builder (~> 3.0.0)
    activesupport (3.2.7)
      i18n (~> 0.6)
      multi_json (~> 1.0)
    addressable (2.2.8)
    anemone (0.7.2)
      nokogiri (>= 1.10.4)
      "robotex (>= 1.0.0)
    builder (3.0.0)
    capistrano (2.12.0)
      highline
      net-scp (>= 1.0.0)
      net-sftp (>= 2.0.0)
      net-ssh (>= 2.0.14)
      net-ssh-gateway (>= 1.1.0)
    chronic (0.6.7)
    crack (0.3.1)
    daemons (1.1.8)
    eventmachine (0.12.10)
    highline (1.6.13)
    i18n (0.6.0)
    magic_encoding (0.0.2)
    mongoid (3.0.3)
      activemodel (~> 3.1)
      moped (~> 1.1)
      origin (~> 1.0)
      tzinfo (~> 0.3.22)
    moped (1.2.0)
    multi_json (1.3.6)
    net-scp (1.0.4)
      net-ssh (>= 1.99.1)
    net-sftp (2.0.5)
      net-ssh (>= 2.0.9)
    net-ssh (2.5.2)
    net-ssh-gateway (1.1.0)
      net-ssh (>= 1.99.1)
    nokogiri (1.5.5)
    origin (1.0.4)
    rack (1.4.1)
    rack-protection (1.2.0)
      rack
    robotex (1.0.0)
    sinatra (1.3.2)
      rack (~> 1.3, >= 1.3.6)
      rack-protection (~> 1.2)
      tilt (~> 1.3, >= 1.3.3)
    thin (1.4.1)
      daemons (>= 1.0.9)
      eventmachine (>= 0.12.6)
      rack (>= 1.0.0)
    tilt (1.3.3)
    tzinfo (0.3.33)
    webmock (1.8.8)
      addressable (~> 2.2.8)
      crack (>= 0.1.7)
    whenever (0.7.3)
      activesupport (>= 2.3.4)
      chronic (~> 0.6.3)

PLATFORMS
  ruby

DEPENDENCIES
  anemone (~> 0.7.2)
  builder (~> 3.0.0)
  capistrano (~> 2.12.0)
  magic_encoding (~> 0.0.2)
  mongoid (~> 3.0.0)
  sinatra (~> 1.3.2)
  thin (~> 1.4.1)
  webmock (~> 1.8.8)
  whenever (~> 0.7.3)
